PATH
  remote: .
  specs:
    wiki_scraper (0.1.0)

GEM
  remote: https://rubygems.org/
  specs:
    httparty (0.18.1)
      mime-types (~> 3.0)
      multi_xml (>= 0.5.2)
    mime-types (3.3.1)
      mime-types-data (~> 3.2015)
    mime-types-data (3.2021.0704)
    multi_xml (0.6.0)
    nokogiri (1.12.3-x86_64-linux)
      racc (~> 1.4)
    racc (1.5.2)
    rake (13.0.6)

PLATFORMS
  x86_64-linux

DEPENDENCIES
  httparty
  nokogiri
  rake (~> 13.0)
  wiki_scraper!

BUNDLED WITH
   2.2.11
